GEM
  remote: https://rubygems.org/
  specs:
    RedCloth (4.2.9)
    classifier (1.3.5)
      fast-stemmer (~> 1.0.0)
      mathn
      rake
    colorator (0.1)
    commander (4.1.6)
      highline (~> 1.6.11)
    fast-stemmer (1.0.2)
    ffi (1.12.2)
    github-pages (11)
      RedCloth (= 4.2.9)
      jekyll (= 1.3.1)
      kramdown (= 1.2.0)
      liquid (= 2.5.4)
      maruku (= 0.6.1)
      rdiscount (= 2.1.7)
      redcarpet (= 2.3.0)
    highline (1.6.21)
    jekyll (1.3.1)
      classifier (~> 1.3)
      colorator (~> 0.1)
      commander (~> 4.1.3)
      liquid (~> 2.5.2)
      listen (~> 1.3)
      maruku (~> 0.6.0)
      pygments.rb (~> 0.5.0)
      redcarpet (~> 2.3.0)
      safe_yaml (~> 0.9.7)
    kramdown (1.2.0)
    liquid (2.5.4)
    listen (1.3.1)
      rb-fsevent (>= 0.9.3)
      rb-inotify (>= 0.9)
      rb-kqueue (>= 0.2)
    maruku (0.6.1)
      syntax (>= 1.0.0)
    mathn (0.1.0)
    posix-spawn (0.3.13)
    pygments.rb (0.5.4)
      posix-spawn (~> 0.3.6)
      yajl-ruby (~> 1.1.0)
    rake (13.0.1)
    rb-fsevent (0.10.3)
    rb-inotify (0.10.1)
      ffi (~> 1.0)
    rb-kqueue (0.2.5)
      ffi (>= 0.5.0)
    rdiscount (2.1.7)
    redcarpet (2.3.0)
    safe_yaml (0.9.7)
    syntax (1.2.2)
    yajl-ruby (1.1.0)

PLATFORMS
  ruby

DEPENDENCIES
  github-pages
